GEM
  remote: https://rubygems.org/
  specs:
    fxruby (1.6.28)
    fxruby (1.6.28-x86-mingw32)
    ocra (1.3.3)

PLATFORMS
  ruby
  x86-mingw32

DEPENDENCIES
  fxruby
  ocra
