GEM
  remote: https://rubygems.org/
  specs:
    ocra (1.3.3)

PLATFORMS
  ruby

DEPENDENCIES
  ocra
